GEM
  remote: https://rubygems.org/
  specs:
    activemodel (3.2.12)
      activesupport (= 3.2.12)
      builder (~> 3.0.0)
    activerecord (3.2.12)
      activemodel (= 3.2.12)
      activesupport (= 3.2.12)
      arel (~> 3.0.2)
      tzinfo (~> 0.3.29)
    activesupport (3.2.12)
      i18n (~> 0.6)
      multi_json (~> 1.0)
    arel (3.0.2)
    bourne (1.4.0)
      mocha (~> 0.13.2)
    builder (3.0.4)
    coderay (1.0.9)
    erubis (2.7.0)
    hashie (2.0.3)
    httmultiparty (0.3.9)
      httparty (>= 0.7.3)
      multipart-post
    http_router (0.11.0)
      rack (>= 1.0.0)
      url_mount (~> 0.2.1)
    httparty (0.10.2)
      multi_json (~> 1.0)
      multi_xml (>= 0.5.2)
    i18n (0.6.4)
    json (1.7.7)
    mail (2.5.3)
      i18n (>= 0.4.0)
      mime-types (~> 1.16)
      treetop (~> 1.4.8)
    metaclass (0.0.1)
    method_source (0.8.1)
    mime-types (1.22)
    mocha (0.13.3)
      metaclass (~> 0.0.1)
    multi_json (1.7.2)
    multi_xml (0.5.3)
    multipart-post (1.2.0)
    padrino (0.11.1)
      padrino-admin (= 0.11.1)
      padrino-cache (= 0.11.1)
      padrino-core (= 0.11.1)
      padrino-gen (= 0.11.1)
      padrino-helpers (= 0.11.1)
      padrino-mailer (= 0.11.1)
    padrino-admin (0.11.1)
      padrino-core (= 0.11.1)
      padrino-helpers (= 0.11.1)
    padrino-cache (0.11.1)
      padrino-core (= 0.11.1)
      padrino-helpers (= 0.11.1)
    padrino-core (0.11.1)
      activesupport (>= 3.1.0)
      http_router (~> 0.11.0)
      rack-protection (>= 1.5.0)
      sinatra (~> 1.4.2)
      thor (~> 0.17.0)
      tilt (~> 1.3.0)
    padrino-gen (0.11.1)
      bundler (~> 1.0)
      padrino-core (= 0.11.1)
    padrino-helpers (0.11.1)
      i18n (~> 0.6)
      padrino-core (= 0.11.1)
    padrino-mailer (0.11.1)
      mail (~> 2.5.3)
      padrino-core (= 0.11.1)
    polyglot (0.3.3)
    pry (0.9.12)
      coderay (~> 1.0.5)
      method_source (~> 0.8)
      slop (~> 3.4)
    rack (1.5.2)
    rack-protection (1.5.0)
      rack
    rack-test (0.6.2)
      rack (>= 1.0)
    rake (10.0.4)
    shoulda (3.4.0)
      shoulda-context (~> 1.0, >= 1.0.1)
      shoulda-matchers (~> 1.0, >= 1.4.1)
    shoulda-context (1.1.0)
    shoulda-matchers (1.5.6)
      activesupport (>= 3.0.0)
      bourne (~> 1.3)
    sinatra (1.4.2)
      rack (~> 1.5, >= 1.5.2)
      rack-protection (~> 1.4)
      tilt (~> 1.3, >= 1.3.4)
    slop (3.4.4)
    soundcloud (0.3.1)
      hashie
      httmultiparty (>= 0.3)
      httparty (>= 0.7.3)
    sqlite3 (1.3.7)
    thor (0.17.0)
    tilt (1.3.6)
    treetop (1.4.12)
      polyglot
      polyglot (>= 0.3.1)
    tzinfo (0.3.37)
    url_mount (0.2.1)
      rack

PLATFORMS
  ruby

DEPENDENCIES
  activerecord (>= 3.1)
  erubis (~> 2.7.0)
  json
  padrino (= 0.11.1)
  pry
  rack-test
  rake
  shoulda
  soundcloud
  sqlite3
